GEM
  specs:
    line-bot-api (1.9.0)
    mustermann (1.0.3)
    rack (2.0.6)
    rack-protection (2.0.5)
      rack
    sinatra (2.0.5)
      mustermann (~> 1.0)
      rack (~> 2.0)
      rack-protection (= 2.0.5)
      tilt (~> 2.0)
    tilt (2.0.9)

PLATFORMS
  ruby

DEPENDENCIES
  line-bot-api (~> 1.9.0)
  sinatra (~> 2.0.5)

BUNDLED WITH
   2.0.1
